GEM
  specs:
    less2sass (1.2.0)
    sass (3.4.22)

PLATFORMS
  ruby

DEPENDENCIES
  less2sass (~> 1.2)
  sass (~> 3.4, >= 3.4.22)

BUNDLED WITH
   1.12.5
